GIT
  remote: https://github.com/cloudfoundry/cf-app-utils-ruby.git
  revision: fa3b433ec1dcd5b7b738e3334ee17d3f3d1a0d9f
  specs:
    cf-app-utils (0.3)

GEM
  remote: https://rubygems.org/
  specs:
    celluloid (0.16.0)
      timers (~> 4.0.0)
    childprocess (0.5.3)
      ffi (~> 1.0, >= 1.0.11)
    coderay (1.1.0)
    cql-rb (2.0.3)
      ione (~> 1)
    diff-lcs (1.2.5)
    faraday (0.9.0)
      multipart-post (>= 1.2, < 3)
    ffi (1.9.4)
    formatador (0.2.5)
    guard (2.6.1)
      formatador (>= 0.2.4)
      listen (~> 2.7)
      lumberjack (~> 1.0)
      pry (>= 0.9.12)
      thor (>= 0.18.1)
    guard-rspec (4.3.1)
      guard (~> 2.1)
      rspec (>= 2.14, < 4.0)
    hitimes (1.2.2)
    ione (1.1.4)
    listen (2.7.9)
      celluloid (>= 0.15.2)
      rb-fsevent (>= 0.9.3)
      rb-inotify (>= 0.9)
    lumberjack (1.0.9)
    method_source (0.8.2)
    multipart-post (2.0.0)
    pry (0.10.1)
      coderay (~> 1.1.0)
      method_source (~> 0.8.1)
      slop (~> 3.4)
    rack (1.5.2)
    rack-protection (1.5.3)
      rack
    rb-fsevent (0.9.4)
    rb-inotify (0.9.5)
      ffi (>= 0.5.0)
    rspec (3.1.0)
      rspec-core (~> 3.1.0)
      rspec-expectations (~> 3.1.0)
      rspec-mocks (~> 3.1.0)
    rspec-core (3.1.4)
      rspec-support (~> 3.1.0)
    rspec-expectations (3.1.1)
      diff-lcs (>= 1.2.0, < 2.0)
      rspec-support (~> 3.1.0)
    rspec-mocks (3.1.1)
      rspec-support (~> 3.1.0)
    rspec-support (3.1.0)
    sinatra (1.4.5)
      rack (~> 1.4)
      rack-protection (~> 1.4)
      tilt (~> 1.3, >= 1.3.4)
    slop (3.6.0)
    thor (0.19.1)
    tilt (1.4.1)
    timers (4.0.1)
      hitimes

PLATFORMS
  ruby

DEPENDENCIES
  cf-app-utils!
  childprocess
  cql-rb
  faraday
  guard-rspec
  pry
  rspec
  sinatra
